GIT
  remote: git://github.com/jasherai/acts-as-rated.git
  revision: 319d2e46f3776a77206d380b3705ab47c888360e
  ref: 319d2e46f3776a77206d380b3705ab47c888360e
  specs:
    acts-as-rated (0.4)

GEM
  remote: https://rubygems.org/
  specs:
    RedCloth (4.2.3)
    SyslogLogger (1.4.0)
      hoe (>= 1.2.0)
    actionmailer (2.3.18)
      actionpack (= 2.3.18)
    actionpack (2.3.18)
      activesupport (= 2.3.18)
      rack (~> 1.1.0)
    activerecord (2.3.18)
      activesupport (= 2.3.18)
    activeresource (2.3.18)
      activesupport (= 2.3.18)
    activesupport (2.3.18)
    acts-as-list (0.1.2)
    audiobank-client (0.0.2)
      activesupport (< 4)
      httparty
      json
      null_logger
      virtus
    backports (3.3.3)
    builder (3.2.2)
    capistrano (2.8.0)
      highline
      net-scp (>= 1.0.0)
      net-sftp (>= 2.0.0)
      net-ssh (>= 2.0.14)
      net-ssh-gateway (>= 1.1.0)
    capybara (1.1.1)
      mime-types (>= 1.16)
      nokogiri (>= 1.3.3)
      rack (>= 1.0.0)
      rack-test (>= 0.5.4)
      selenium-webdriver (~> 2.0)
      xpath (~> 0.1.4)
    childprocess (0.3.9)
      ffi (~> 1.0, >= 1.0.11)
    coderay (1.0.9)
    configuration (1.2.0)
    cucumber (1.1.0)
      builder (>= 2.1.2)
      diff-lcs (>= 1.1.2)
      gherkin (~> 2.5.0)
      json (>= 1.4.6)
      term-ansicolor (>= 1.0.6)
    cucumber-rails (0.3.2)
      cucumber (>= 0.8.0)
    database_cleaner (0.6.0)
    descendants_tracker (0.0.1)
    diff-lcs (1.2.4)
    dragonfly (0.8.5)
      rack
    exception_notification (2.3.3.0)
    factory_girl (1.3.2)
    fakeweb (1.3.0)
    ffi (1.9.0)
    formatador (0.2.4)
    gherkin (2.5.4)
      json (>= 1.4.6)
    guard (1.8.2)
      formatador (>= 0.2.4)
      listen (>= 1.0.0)
      lumberjack (>= 1.0.2)
      pry (>= 0.9.10)
      thor (>= 0.14.6)
    guard-cucumber (0.7.4)
      cucumber (>= 0.10)
      guard (>= 0.8.3)
    guard-rspec (1.0.0)
      guard (>= 1.1)
    has_scope (0.5.0)
    highline (1.6.1)
    hoe (2.8.0)
      rake (>= 0.8.7)
    httparty (0.11.0)
      multi_json (~> 1.0)
      multi_xml (>= 0.5.2)
    inherited_resources (1.0.6)
      has_scope (~> 0.5.0)
      responders (~> 0.4.6)
    json (1.8.0)
    launchy (0.3.7)
      configuration (>= 0.0.5)
      rake (>= 0.8.1)
    libnotify (0.8.0)
      ffi (>= 1.0.11)
    liquid (2.2.2)
    listen (1.3.0)
      rb-fsevent (>= 0.9.3)
      rb-inotify (>= 0.9)
      rb-kqueue (>= 0.2)
    lumberjack (1.0.4)
    method_source (0.8.2)
    mime-types (1.24)
    multi_json (1.7.7)
    multi_xml (0.5.4)
    mysql (2.8.1)
    net-scp (1.0.4)
      net-ssh (>= 1.99.1)
    net-sftp (2.0.5)
      net-ssh (>= 2.0.9)
    net-ssh (2.1.4)
    net-ssh-gateway (1.1.0)
      net-ssh (>= 1.99.1)
    nokogiri (1.4.4)
    null_logger (0.0.1)
    pickle (0.4.4)
      cucumber (>= 0.8)
      rake
      rspec (>= 1.3)
      yard
    pry (0.9.12.2)
      coderay (~> 1.0.5)
      method_source (~> 0.8)
      slop (~> 3.4)
    rack (1.1.6)
    rack-cache (1.2)
      rack (>= 0.4)
    rack-google-analytics (0.12.0)
    rack-test (0.5.7)
      rack (>= 1.0)
    rails (2.3.18)
      actionmailer (= 2.3.18)
      actionpack (= 2.3.18)
      activerecord (= 2.3.18)
      activeresource (= 2.3.18)
      activesupport (= 2.3.18)
      rake (>= 0.8.3)
    rake (10.1.0)
    rb-fsevent (0.9.3)
    rb-inotify (0.9.1)
      ffi (>= 0.5.0)
    rb-kqueue (0.2.0)
      ffi (>= 0.5.0)
    rcov (0.9.8)
    red_cloth_formatters_plain (0.2.1)
      RedCloth (>= 4.2.3)
    remarkable (3.1.13)
      rspec (>= 1.2.0)
    remarkable_activerecord (3.1.13)
      remarkable (~> 3.1.13)
      rspec (>= 1.2.0)
    remarkable_rails (3.1.13)
      remarkable (~> 3.1.13)
      remarkable_activerecord (~> 3.1.13)
      rspec (>= 1.2.0)
      rspec-rails (>= 1.2.0)
    responders (0.4.7)
    rmagick (2.13.1)
    rspec (1.3.0)
    rspec-rails (1.3.2)
      rack (>= 1.0.0)
      rspec (>= 1.3.0)
    rubyzip (0.9.9)
    selenium-webdriver (2.35.0)
      childprocess (>= 0.2.5)
      multi_json (~> 1.0)
      rubyzip
      websocket (~> 1.0.4)
    slop (3.4.6)
    sqlite3-ruby (1.3.2)
    term-ansicolor (1.2.2)
      tins (~> 0.8)
    textile_toolbar (0.5.4)
    thor (0.18.1)
    tins (0.9.0)
    virtus (0.5.5)
      backports (~> 3.3)
      descendants_tracker (~> 0.0.1)
    webrat (0.7.3)
      nokogiri (>= 1.2.0)
      rack (>= 1.0)
      rack-test (>= 0.5.3)
    websocket (1.0.7)
    will_paginate (2.3.16)
    xpath (0.1.4)
      nokogiri (~> 1.3)
    yard (0.6.4)

PLATFORMS
  ruby

DEPENDENCIES
  RedCloth
  SyslogLogger
  acts-as-list
  acts-as-rated!
  audiobank-client (~> 0.0.2)
  capistrano
  capybara (= 1.1.1)
  cucumber (= 1.1.0)
  cucumber-rails (= 0.3.2)
  database_cleaner
  dragonfly (= 0.8.5)
  exception_notification
  factory_girl
  fakeweb
  gherkin
  guard
  guard-cucumber
  guard-rspec
  httparty
  inherited_resources (= 1.0.6)
  launchy
  libnotify
  liquid
  mysql
  pickle
  rack-cache
  rack-google-analytics
  rails (= 2.3.18)
  rb-inotify
  rcov
  red_cloth_formatters_plain
  remarkable_rails
  rmagick
  rspec-rails (< 2)
  sqlite3-ruby
  textile_toolbar (= 0.5.4)
  webrat
  will_paginate (~> 2.3.16)
