GEM
  remote: https://rubygems.org/
  specs:
    RedCloth (4.2.3)
    SyslogLogger (1.4.0)
      hoe (>= 1.2.0)
    actionmailer (2.3.18)
      actionpack (= 2.3.18)
    actionpack (2.3.18)
      activesupport (= 2.3.18)
      rack (~> 1.1.0)
    activerecord (2.3.18)
      activesupport (= 2.3.18)
    activeresource (2.3.18)
      activesupport (= 2.3.18)
    activesupport (2.3.18)
    acts-as-list (0.1.2)
    audiobank-client (0.0.2)
      activesupport (< 4)
      httparty
      json
      null_logger
      virtus
    backports (3.3.3)
    builder (3.0.0)
    capistrano (2.8.0)
      highline
      net-scp (>= 1.0.0)
      net-sftp (>= 2.0.0)
      net-ssh (>= 2.0.14)
      net-ssh-gateway (>= 1.1.0)
    configuration (1.2.0)
    cucumber (0.10.0)
      builder (>= 2.1.2)
      diff-lcs (~> 1.1.2)
      gherkin (~> 2.3.2)
      json (~> 1.4.6)
      term-ansicolor (~> 1.0.5)
    cucumber-rails (0.3.2)
      cucumber (>= 0.8.0)
    database_cleaner (0.6.0)
    descendants_tracker (0.0.1)
    diff-lcs (1.1.2)
    exception_notification (2.3.3.0)
    factory_girl (1.3.2)
    fakeweb (1.3.0)
    ffi (1.0.11)
    gherkin (2.3.7)
      json (>= 1.4.6)
    guard (1.1.1)
      listen (>= 0.4.2)
      thor (>= 0.14.6)
    guard-cucumber (0.7.4)
      cucumber (>= 0.10)
      guard (>= 0.8.3)
    guard-rspec (1.0.0)
      guard (>= 1.1)
    has_scope (0.5.0)
    highline (1.6.1)
    hoe (2.8.0)
      rake (>= 0.8.7)
    httparty (0.11.0)
      multi_json (~> 1.0)
      multi_xml (>= 0.5.2)
    inherited_resources (1.0.6)
      has_scope (~> 0.5.0)
      responders (~> 0.4.6)
    json (1.4.6)
    launchy (0.3.7)
      configuration (>= 0.0.5)
      rake (>= 0.8.1)
    liquid (2.2.2)
    listen (0.4.4)
      rb-fchange (~> 0.0.5)
      rb-fsevent (~> 0.9.1)
      rb-inotify (~> 0.8.8)
    multi_json (1.7.7)
    multi_xml (0.5.4)
    mysql (2.8.1)
    net-scp (1.0.4)
      net-ssh (>= 1.99.1)
    net-sftp (2.0.5)
      net-ssh (>= 2.0.9)
    net-ssh (2.1.4)
    net-ssh-gateway (1.1.0)
      net-ssh (>= 1.99.1)
    nokogiri (1.4.4)
    null_logger (0.0.1)
    pickle (0.4.4)
      cucumber (>= 0.8)
      rake
      rspec (>= 1.3)
      yard
    rack (1.1.6)
    rack-test (0.5.7)
      rack (>= 1.0)
    rails (2.3.18)
      actionmailer (= 2.3.18)
      actionpack (= 2.3.18)
      activerecord (= 2.3.18)
      activeresource (= 2.3.18)
      activesupport (= 2.3.18)
      rake (>= 0.8.3)
    rake (10.1.0)
    rb-fchange (0.0.5)
      ffi
    rb-fsevent (0.9.1)
    rb-inotify (0.8.8)
      ffi (>= 0.5.0)
    rcov (0.9.8)
    red_cloth_formatters_plain (0.2.1)
      RedCloth (>= 4.2.3)
    remarkable (3.1.13)
      rspec (>= 1.2.0)
    remarkable_activerecord (3.1.13)
      remarkable (~> 3.1.13)
      rspec (>= 1.2.0)
    remarkable_rails (3.1.13)
      remarkable (~> 3.1.13)
      remarkable_activerecord (~> 3.1.13)
      rspec (>= 1.2.0)
      rspec-rails (>= 1.2.0)
    responders (0.4.7)
    rmagick (2.13.1)
    rspec (1.3.0)
    rspec-rails (1.3.2)
      rack (>= 1.0.0)
      rspec (>= 1.3.0)
    sqlite3-ruby (1.3.2)
    term-ansicolor (1.0.5)
    thor (0.15.2)
    virtus (0.5.5)
      backports (~> 3.3)
      descendants_tracker (~> 0.0.1)
    webrat (0.7.3)
      nokogiri (>= 1.2.0)
      rack (>= 1.0)
      rack-test (>= 0.5.3)
    yard (0.6.4)

PLATFORMS
  ruby

DEPENDENCIES
  RedCloth
  SyslogLogger
  acts-as-list
  audiobank-client (~> 0.0.2)
  capistrano
  cucumber
  cucumber-rails
  database_cleaner
  exception_notification
  factory_girl
  fakeweb
  gherkin
  guard
  guard-cucumber
  guard-rspec
  httparty
  inherited_resources (= 1.0.6)
  launchy
  liquid
  mysql
  pickle
  rails (= 2.3.18)
  rcov
  red_cloth_formatters_plain
  remarkable_rails
  rmagick
  rspec-rails (< 2)
  sqlite3-ruby
  webrat
